PATH
  remote: .
  specs:
    interfax (1.0.0.pre.beta.pre.1)
      mimemagic (~> 0.3.1)

GEM
  remote: https://rubygems.org/
  specs:
    addressable (2.4.0)
    awesome_print (1.7.0)
    crack (0.4.3)
      safe_yaml (~> 1.0.0)
    hashdiff (0.3.0)
    mimemagic (0.3.1)
    minitest (5.9.0)
    rake (11.2.2)
    safe_yaml (1.0.4)
    webmock (2.1.0)
      addressable (>= 2.3.6)
      crack (>= 0.3.2)
      hashdiff

PLATFORMS
  ruby

DEPENDENCIES
  awesome_print
  interfax!
  minitest
  rake
  webmock

BUNDLED WITH
   1.12.5
